GEM
  remote: https://rubygems.org/
  specs:
    activesupport (4.2.7.1)
      i18n (~> 0.7)
      json (~> 1.7, >= 1.7.7)
      minitest (~> 5.1)
      thread_safe (~> 0.3, >= 0.3.4)
      tzinfo (~> 1.1)
    ast (2.3.0)
    codeclimate-test-reporter (1.0.3)
      simplecov
    diff-lcs (1.2.5)
    docile (1.1.5)
    faker (1.6.6)
      i18n (~> 0.5)
    http_server_manager (0.5.0)
      rake (>= 10.4)
      sys-proctree (~> 0.0)
      wait_until (~> 0.3)
    httparty (0.14.0)
      multi_xml (>= 0.5.2)
    i18n (0.7.0)
    json (1.8.3)
    minitest (5.10.1)
    multi_xml (0.5.5)
    parser (2.3.3.0)
      ast (~> 2.2)
    powerpack (0.1.1)
    rack (1.6.5)
    rack-protection (1.5.3)
      rack
    rack-test (0.6.3)
      rack (>= 1.0)
    rainbow (2.1.0)
    rake (11.3.0)
    rspec (3.5.0)
      rspec-core (~> 3.5.0)
      rspec-expectations (~> 3.5.0)
      rspec-mocks (~> 3.5.0)
    rspec-core (3.5.4)
      rspec-support (~> 3.5.0)
    rspec-expectations (3.5.0)
      diff-lcs (>= 1.2.0, < 2.0)
      rspec-support (~> 3.5.0)
    rspec-mocks (3.5.0)
      diff-lcs (>= 1.2.0, < 2.0)
      rspec-support (~> 3.5.0)
    rspec-support (3.5.0)
    rubocop (0.46.0)
      parser (>= 2.3.1.1, < 3.0)
      powerpack (~> 0.1)
      rainbow (>= 1.99.1, < 3.0)
      ruby-progressbar (~> 1.7)
      unicode-display_width (~> 1.0, >= 1.0.1)
    ruby-progressbar (1.8.1)
    simplecov (0.12.0)
      docile (~> 1.1.0)
      json (>= 1.8, < 3)
      simplecov-html (~> 0.10.0)
    simplecov-html (0.10.0)
    sinatra (1.4.7)
      rack (~> 1.5)
      rack-protection (~> 1.4)
      tilt (>= 1.3, < 3)
    sys-proctable (1.0.0)
    sys-proctree (0.0.10)
      sys-proctable (= 1.0.0)
    thread_safe (0.3.5)
    tilt (2.0.5)
    travis-lint (2.0.0)
      json
    tzinfo (1.2.2)
      thread_safe (~> 0.1)
    unicode-display_width (1.1.1)
    wait_until (0.3.0)

PLATFORMS
  ruby

DEPENDENCIES
  activesupport (~> 4.2)
  codeclimate-test-reporter (~> 1.0)
  faker (~> 1.6)
  http_server_manager (~> 0.5)
  httparty (~> 0.14)
  json (~> 1.8)
  rack-test (~> 0.6)
  rspec (~> 3.5)
  rubocop (~> 0.46)
  simplecov (~> 0.12)
  sinatra (~> 1.4)
  travis-lint (~> 2.0)

RUBY VERSION
   ruby 2.3.1p112

BUNDLED WITH
   1.13.6
